GEM
  remote: http://rubygems.org/
  specs:
    abstract (1.0.0)
    actionmailer (2.3.10)
      actionpack (= 2.3.10)
    actionpack (2.3.10)
      activesupport (= 2.3.10)
      rack (~> 1.1.0)
    activerecord (2.3.10)
      activesupport (= 2.3.10)
    activeresource (2.3.10)
      activesupport (= 2.3.10)
    activesupport (2.3.10)
    chef (0.7.16)
      erubis
      extlib
      json
      mixlib-cli
      mixlib-config (>= 1.0.12)
      mixlib-log
      ohai (>= 0.3.6)
      ruby-openid
      stomp
    daemons (1.0.10)
    erubis (2.6.5)
      abstract (>= 1.0.0)
    eventmachine (0.12.10)
    extlib (0.9.14)
    faker (1.0.1)
      i18n (~> 0.4)
    fattr (2.1.0)
    i18n (0.6.0)
    json (1.7.3)
    mime-types (1.16)
    mixlib-cli (1.0.4)
    mixlib-config (1.0.12)
    mixlib-log (1.0.3)
    ohai (0.3.6)
      extlib
      mixlib-cli
      mixlib-config
      mixlib-log
      systemu
    pagseguro (0.1.13)
    pg (0.8.0)
    rack (1.1.0)
    rails (2.3.10)
      actionmailer (= 2.3.10)
      actionpack (= 2.3.10)
      activerecord (= 2.3.10)
      activeresource (= 2.3.10)
      activesupport (= 2.3.10)
      rake (>= 0.8.3)
    rake (0.8.7)
    rdiscount (1.6.3)
    rdoc (3.12)
      json (~> 1.4)
    rest-client (1.2.0)
      mime-types (>= 1.16)
    ruby-openid (2.1.7)
    rush (0.6.7)
      session
    session (2.4.0)
    stomp (1.1.3)
    systemu (1.2.0)
    thin (1.3.1)
      daemons (>= 1.0.9)
      eventmachine (>= 0.12.6)
      rack (>= 1.0.0)

PLATFORMS
  ruby

DEPENDENCIES
  abstract (= 1.0.0)
  chef (= 0.7.16)
  daemons (= 1.0.10)
  erubis (= 2.6.5)
  extlib (= 0.9.14)
  faker
  fattr (= 2.1.0)
  json
  mime-types (= 1.16)
  mixlib-cli (= 1.0.4)
  mixlib-config (= 1.0.12)
  mixlib-log (= 1.0.3)
  ohai (= 0.3.6)
  pagseguro (~> 0.1.13)
  pg (= 0.8.0)
  rack (= 1.1.0)
  rails (= 2.3.10)
  rake (= 0.8.7)
  rdiscount (= 1.6.3)
  rdoc
  rest-client (= 1.2.0)
  ruby-openid (= 2.1.7)
  rush (= 0.6.7)
  session (= 2.4.0)
  stomp (= 1.1.3)
  systemu (= 1.2.0)
  thin
